GEM
  specs:
    daemons (1.1.4)
    eventmachine (0.12.10)
    json_pure (1.6.2)
    nats (0.4.22.beta.1)
      daemons (>= 1.1.4)
      eventmachine (>= 0.12.10)
      json_pure (>= 1.6.1)
      thin (>= 1.3.1)
    rack (1.3.5)
    thin (1.3.1)
      daemons (>= 1.0.9)
      eventmachine (>= 0.12.6)
      rack (>= 1.0.0)
    yajl-ruby (0.7.8)

PLATFORMS
  ruby

DEPENDENCIES
  daemons (= 1.1.4)
  eventmachine (= 0.12.10)
  nats (= 0.4.22.beta.1)
  yajl-ruby (= 0.7.8)
