GEM
  specs:
    daemons (1.1.0)
    eventmachine (0.12.10)
    json_pure (1.5.1)
    nats (0.4.12)
      daemons (>= 1.1.0)
      eventmachine (>= 0.12.10)
      json_pure (>= 1.5.1)
    yajl-ruby (0.7.8)

PLATFORMS
  ruby

DEPENDENCIES
  daemons (= 1.1.0)
  eventmachine (= 0.12.10)
  nats (= 0.4.12)
  yajl-ruby (= 0.7.8)
